GEM
  remote: http://rubygems.org/
  specs:
    http_parser.rb (0.6.0)

PLATFORMS
  ruby

DEPENDENCIES
  http_parser.rb
